GEM
  remote: https://rubygems.org/
  specs:
    rake (12.0.0)
    review (2.1.0)
      rubyzip
    rubyzip (1.2.1)

PLATFORMS
  x86-mingw32

DEPENDENCIES
  rake
  review (= 2.1.0)

BUNDLED WITH
   1.13.6
